NUGET
  remote: https://www.nuget.org/api/v2
    FSharp.Core (3.1.2.5)
    System.Management.Automation (6.1.7601.17515)
GITHUB
  remote: fsprojects/FSharp.TypeProviders.StarterPack
    src/ProvidedTypes.fs (1dab4f94411500794342f61f877feab772e5a754)
    src/ProvidedTypes.fsi (1dab4f94411500794342f61f877feab772e5a754)
GROUP Build
RESTRICTION: == net461
NUGET
  remote: https://www.nuget.org/api/v2
    FAKE (4.61.3)
    FSharp.Compiler.Service (2.0.0.6)
    FSharp.Formatting (2.14.4)
      FSharp.Compiler.Service (2.0.0.6)
      FSharpVSPowerTools.Core (>= 2.3 < 2.4)
    FSharpVSPowerTools.Core (2.3)
      FSharp.Compiler.Service (>= 2.0.0.3)
    NuGet.CommandLine (4.1)
    SourceLink.Fake (1.1)

GROUP Test
RESTRICTION: == net461
NUGET
  remote: https://www.nuget.org/api/v2
    Argu (3.7) - redirects: force
    Expecto (5.0) - redirects: force
      Argu (>= 3.7)
      FSharp.Core (>= 4.1.12)
      Mono.Cecil (>= 0.10.0-beta5)
    FSharp.Core (4.2.1) - redirects: force
    Mono.Cecil (0.10.0-beta6) - redirects: force
